GEM
  remote: http://rubygems.org/
  specs:
    eventmachine (0.12.10)
    snmp (1.0.3)

PLATFORMS
  ruby

DEPENDENCIES
  eventmachine
  snmp
